GEM
  remote: https://rubygems.org/
  specs:
    equivalent-xml (0.6.0)
      nokogiri (>= 1.4.3)
    erubis (2.7.0)
    ffi (1.9.25)
    httparty (0.16.2)
      multi_xml (>= 0.5.2)
    json (2.1.0)
    listen (3.1.5)
      rb-fsevent (~> 0.9, >= 0.9.4)
      rb-inotify (~> 0.9, >= 0.9.7)
      ruby_dep (~> 1.2)
    mail (2.7.1)
      mini_mime (>= 0.1.1)
    mini_mime (1.0.1)
    mini_portile2 (2.4.0)
    multi_xml (0.6.0)
    mustermann (1.0.2)
    mysql2 (0.5.2)
    netrc (0.11.0)
    nokogiri (1.10.4)
      mini_portile2 (~> 2.4.0)
    open4 (1.3.4)
    rack (2.0.6)
    rack-protection (2.0.3)
      rack
    rb-fsevent (0.10.3)
    rb-inotify (0.9.10)
      ffi (>= 0.5.0, < 2)
    rerun (0.13.0)
      listen (~> 3.0)
    ruby_dep (1.5.0)
    sequel (5.12.0)
    sinatra (2.0.3)
      mustermann (~> 1.0)
      rack (~> 2.0)
      rack-protection (= 2.0.3)
      tilt (~> 2.0)
    sqlite3 (1.3.13)
    tilt (2.0.8)
    unindent (1.0)
    xml-simple (1.1.5)

PLATFORMS
  ruby

DEPENDENCIES
  equivalent-xml
  erubis
  httparty
  json
  mail
  mysql2
  netrc
  nokogiri
  open4
  rerun
  sequel
  sinatra
  sqlite3
  unindent
  xml-simple

BUNDLED WITH
   1.16.0
